GEM
  remote: http://rubygems.org/
  specs:
    activerecord (2.3.10)
      activesupport (= 2.3.10)
    activesupport (2.3.10)
    flexmock (0.9.0)
    rake (0.9.2)
    sqlite3 (1.3.3)

PLATFORMS
  ruby

DEPENDENCIES
  activerecord (= 2.3.10)
  flexmock
  rake
  sqlite3
